GEM
  remote: https://rubygems.org/
  specs:
    os (1.1.4)
    rake (13.0.6)

PLATFORMS
  x64-mingw-ucrt

DEPENDENCIES
  os
  rake

BUNDLED WITH
   2.3.15
